GEM
  remote: http://rubygems.org/
  specs:
    actionpack (2.3.8)
      activesupport (= 2.3.8)
      rack (~> 1.1.0)
    activesupport (2.3.8)
    memcache-client (1.8.5)
    rack (1.1.0)
    rake (0.8.7)
    rspec (1.3.0)

PLATFORMS
  ruby

DEPENDENCIES
  actionpack (= 2.3.8)
  activesupport (= 2.3.8)
  memcache-client
  rake
  rspec
